PATH
  remote: .
  specs:
    card_capstone_gem (0.1.0)

GEM
  remote: https://rubygems.org/
  specs:
    addressable (2.3.8)
    json (1.8.6)
    mime-types (1.25.1)
    rake (10.5.0)
    rest-client (1.6.9)
      mime-types (~> 1.16)
    unirest (1.1.2)
      addressable (~> 2.3.5)
      json (~> 1.8.1)
      rest-client (~> 1.6.7)

PLATFORMS
  ruby

DEPENDENCIES
  bundler (~> 1.16)
  card_capstone_gem!
  rake (~> 10.0)
  unirest (~> 1.1.0)

BUNDLED WITH
   1.16.0
